PATH
  remote: .
  specs:
    margin (0.2.0)

GEM
  remote: https://rubygems.org/
  specs:
    ansi (1.5.0)
    builder (3.2.4)
    minitest (5.14.0)
    minitest-reporters (1.4.2)
      ansi
      builder
      minitest (>= 5.0)
      ruby-progressbar
    rake (13.0.1)
    ruby-progressbar (1.10.1)

PLATFORMS
  ruby

DEPENDENCIES
  margin!
  minitest (~> 5.14)
  minitest-reporters (~> 1.4)
  rake (~> 13.0)

BUNDLED WITH
   2.1.4
